GEM
  remote: https://rubygems.org/
  specs:
    bson (1.6.4)
    bson_ext (1.6.4)
      bson (~> 1.6.4)
    daemons (1.1.8)
    eventmachine (0.12.10)
    mini_portile2 (2.8.1)
    mongo (1.6.4)
      bson (~> 1.6.4)
    nokogiri (1.14.3)
      mini_portile2 (~> 2.8.0)
      racc (~> 1.4)
    racc (1.6.2)
    rack (1.4.1)
    rack-protection (1.2.0)
      rack
    sax-machine (0.1.0)
      nokogiri (> 0.0.0)
    sinatra (1.3.2)
      rack (~> 1.3, >= 1.3.6)
      rack-protection (~> 1.2)
      tilt (~> 1.3, >= 1.3.3)
    thin (1.4.1)
      daemons (>= 1.0.9)
      eventmachine (>= 0.12.6)
      rack (>= 1.0.0)
    tilt (1.3.3)

PLATFORMS
  ruby

DEPENDENCIES
  bson_ext
  mongo
  nokogiri (~> 1.14.3)
  sax-machine
  sinatra
  thin
