GEM
  remote: https://rubygems.org/
  specs:
    bson (1.6.4)
    bson_ext (1.6.4)
      bson (~> 1.6.4)
    mongo (1.6.4)
      bson (~> 1.6.4)
    nokogiri (1.5.5)
    sax-machine (0.1.0)
      nokogiri (> 0.0.0)

PLATFORMS
  ruby

DEPENDENCIES
  bson_ext
  mongo
  nokogiri (~> 1.5.0)
  sax-machine
